GIT
  remote: git://github.com/rspec/rspec-core.git
  revision: a14f95c0210492c57abc5e521097f98596ccf0f7
  branch: master
  specs:
    rspec-core (3.3.0.pre)
      rspec-support (= 3.3.0.pre)

GIT
  remote: git://github.com/rspec/rspec-expectations.git
  revision: 08c11431771b7755d2a402746b0fe4f8aec8d4ff
  branch: master
  specs:
    rspec-expectations (3.3.0.pre)
      diff-lcs (>= 1.2.0, < 2.0)
      rspec-support (= 3.3.0.pre)

GIT
  remote: git://github.com/rspec/rspec-mocks.git
  revision: 149293e5cca75b8da41d844747beaf76d850af7a
  branch: master
  specs:
    rspec-mocks (3.3.0.pre)
      diff-lcs (>= 1.2.0, < 2.0)
      rspec-support (= 3.3.0.pre)

GIT
  remote: git://github.com/rspec/rspec-rails.git
  revision: 515ed7f6e15dd88894162373d5dc537d340eb7bb
  branch: master
  specs:
    rspec-rails (3.3.0.pre)
      actionpack (>= 3.0, <= 4.2)
      activesupport (>= 3.0, <= 4.2)
      railties (>= 3.0, <= 4.2)
      rspec-core (= 3.3.0.pre)
      rspec-expectations (= 3.3.0.pre)
      rspec-mocks (= 3.3.0.pre)
      rspec-support (= 3.3.0.pre)

GIT
  remote: git://github.com/rspec/rspec-support.git
  revision: 749e03b11ea78eaa643488328d1dc31f167af96f
  branch: master
  specs:
    rspec-support (3.3.0.pre)

GEM
  remote: https://rubygems.org/
  specs:
    actionmailer (4.1.6)
      actionpack (= 4.1.6)
      actionview (= 4.1.6)
      mail (~> 2.5, >= 2.5.4)
    actionpack (4.1.6)
      actionview (= 4.1.6)
      activesupport (= 4.1.6)
      rack (~> 1.5.2)
      rack-test (~> 0.6.2)
    actionview (4.1.6)
      activesupport (= 4.1.6)
      builder (~> 3.1)
      erubis (~> 2.7.0)
    activemodel (4.1.6)
      activesupport (= 4.1.6)
      builder (~> 3.1)
    activerecord (4.1.6)
      activemodel (= 4.1.6)
      activesupport (= 4.1.6)
      arel (~> 5.0.0)
    activesupport (4.1.6)
      i18n (~> 0.6, >= 0.6.9)
      json (~> 1.7, >= 1.7.7)
      minitest (~> 5.1)
      thread_safe (~> 0.1)
      tzinfo (~> 1.1)
    arel (5.0.1.20140414130214)
    bcrypt (3.1.10)
    blankslate (3.1.3)
    builder (3.2.2)
    coffee-rails (4.0.1)
      coffee-script (>= 2.2.0)
      railties (>= 4.0.0, < 5.0)
    coffee-script (2.3.0)
      coffee-script-source
      execjs
    coffee-script-source (1.9.1)
    dante (0.2.0)
    devise (3.4.1)
      bcrypt (~> 3.0)
      orm_adapter (~> 0.1)
      railties (>= 3.2.6, < 5)
      responders
      thread_safe (~> 0.1)
      warden (~> 1.2.3)
    diff-lcs (1.2.5)
    eefgilm (1.1.2)
    erubis (2.7.0)
    execjs (2.3.0)
    factory_girl (4.5.0)
      activesupport (>= 3.0.0)
    factory_girl_rails (4.5.0)
      factory_girl (~> 4.5.0)
      railties (>= 3.0.0)
    faker (1.4.3)
      i18n (~> 0.5)
    hike (1.2.3)
    i18n (0.7.0)
    jbuilder (2.2.7)
      activesupport (>= 3.0.0, < 5)
      multi_json (~> 1.2)
    jimson-temp (0.9.5)
      blankslate (>= 3.1.2)
      multi_json (~> 1.0)
      rack (~> 1.4)
      rest-client (~> 1.0)
    jquery-rails (3.1.2)
      railties (>= 3.0, < 5.0)
      thor (>= 0.14, < 2.0)
    json (1.8.2)
    mail (2.6.3)
      mime-types (>= 1.16, < 3)
    mime-types (2.4.3)
    minitest (5.5.1)
    multi_json (1.10.1)
    netrc (0.10.2)
    orm_adapter (0.5.0)
    pg (0.18.1)
    rack (1.5.2)
    rack-test (0.6.3)
      rack (>= 1.0)
    rails (4.1.6)
      actionmailer (= 4.1.6)
      actionpack (= 4.1.6)
      actionview (= 4.1.6)
      activemodel (= 4.1.6)
      activerecord (= 4.1.6)
      activesupport (= 4.1.6)
      bundler (>= 1.3.0, < 2.0)
      railties (= 4.1.6)
      sprockets-rails (~> 2.0)
    rails_12factor (0.0.3)
      rails_serve_static_assets
      rails_stdout_logging
    rails_serve_static_assets (0.0.4)
    rails_stdout_logging (0.0.3)
    railties (4.1.6)
      actionpack (= 4.1.6)
      activesupport (= 4.1.6)
      rake (>= 0.8.7)
      thor (>= 0.18.1, < 2.0)
    rake (10.4.2)
    rdoc (4.2.0)
      json (~> 1.4)
    responders (1.1.2)
      railties (>= 3.2, < 4.2)
    rest-client (1.7.2)
      mime-types (>= 1.16, < 3.0)
      netrc (~> 0.7)
    sass (3.2.19)
    sass-rails (4.0.5)
      railties (>= 4.0.0, < 5.0)
      sass (~> 3.2.2)
      sprockets (~> 2.8, < 3.0)
      sprockets-rails (~> 2.0)
    sdoc (0.4.1)
      json (~> 1.7, >= 1.7.7)
      rdoc (~> 4.0)
    spring (1.3.2)
    sprockets (2.12.3)
      hike (~> 1.2)
      multi_json (~> 1.0)
      rack (~> 1.0)
      tilt (~> 1.1, != 1.3.0)
    sprockets-rails (2.2.4)
      actionpack (>= 3.0)
      activesupport (>= 3.0)
      sprockets (>= 2.8, < 4.0)
    stripe (1.19.0)
      json (~> 1.8.1)
      mime-types (>= 1.25, < 3.0)
      rest-client (~> 1.4)
    stripe-ruby-mock (2.0.4)
      dante (>= 0.2.0)
      jimson-temp
      stripe (>= 1.15.0)
    thor (0.19.1)
    thread_safe (0.3.4)
    tilt (1.4.1)
    turbolinks (2.5.3)
      coffee-rails
    tzinfo (1.2.2)
      thread_safe (~> 0.1)
    uglifier (2.7.0)
      execjs (>= 0.3.0)
      json (>= 1.8.0)
    warden (1.2.3)
      rack (>= 1.0)

PLATFORMS
  ruby

DEPENDENCIES
  coffee-rails (~> 4.0.0)
  devise
  eefgilm
  factory_girl_rails
  faker
  jbuilder (~> 2.0)
  jquery-rails
  pg
  rails (= 4.1.6)
  rails_12factor
  rspec-core!
  rspec-expectations!
  rspec-mocks!
  rspec-rails!
  rspec-support!
  sass-rails (~> 4.0.3)
  sdoc (~> 0.4.0)
  spring
  stripe-ruby-mock (~> 2.0.4)
  turbolinks
  uglifier (>= 1.3.0)
